PATH
  remote: .
  specs:
    ski_binding_calculator (0.8.5)
      activesupport (>= 3.2.13)

GEM
  remote: https://rubygems.org/
  specs:
    activesupport (4.0.0)
      i18n (~> 0.6, >= 0.6.4)
      minitest (~> 4.2)
      multi_json (~> 1.3)
      thread_safe (~> 0.1)
      tzinfo (~> 0.3.37)
    atomic (1.1.13)
    diff-lcs (1.2.4)
    fuubar (1.2.1)
      rspec (~> 2.0)
      rspec-instafail (~> 0.2.0)
      ruby-progressbar (~> 1.0)
    i18n (0.6.9)
    minitest (4.7.5)
    multi_json (1.7.8)
    rake (10.1.0)
    rspec (2.14.1)
      rspec-core (~> 2.14.0)
      rspec-expectations (~> 2.14.0)
      rspec-mocks (~> 2.14.0)
    rspec-core (2.14.4)
    rspec-expectations (2.14.0)
      diff-lcs (>= 1.1.3, < 2.0)
    rspec-instafail (0.2.4)
    rspec-mocks (2.14.1)
    ruby-progressbar (1.2.0)
    simplecov (0.7.1)
      multi_json (~> 1.0)
      simplecov-html (~> 0.7.1)
    simplecov-html (0.7.1)
    spork (0.9.2)
    thread_safe (0.1.2)
      atomic
    timecop (0.6.3)
    tzinfo (0.3.37)

PLATFORMS
  ruby

DEPENDENCIES
  fuubar (~> 1.2.1)
  rake
  rspec (~> 2.14.1)
  simplecov (~> 0.7.1)
  ski_binding_calculator!
  spork (~> 0.9.2)
  timecop (~> 0.6.3)
